GIT
  remote: https://github.com/rails/activemodel-serializers-xml
  revision: 32841fdf59c2297436177a8e6d84f4f17e048005
  specs:
    activemodel-serializers-xml (1.0.2)
      activemodel (>= 5.0.0.a)
      activesupport (>= 5.0.0.a)
      builder (~> 3.1)

GEM
  remote: https://rubygems.org/
  specs:
    actioncable (5.2.7.1)
      actionpack (= 5.2.7.1)
      nio4r (~> 2.0)
      websocket-driver (>= 0.6.1)
    actionmailer (5.2.7.1)
      actionpack (= 5.2.7.1)
      actionview (= 5.2.7.1)
      activejob (= 5.2.7.1)
      mail (~> 2.5, >= 2.5.4)
      rails-dom-testing (~> 2.0)
    actionpack (5.2.7.1)
      actionview (= 5.2.7.1)
      activesupport (= 5.2.7.1)
      rack (~> 2.0, >= 2.0.8)
      rack-test (>= 0.6.3)
      rails-dom-testing (~> 2.0)
      rails-html-sanitizer (~> 1.0, >= 1.0.2)
    actionview (5.2.7.1)
      activesupport (= 5.2.7.1)
      builder (~> 3.1)
      erubi (~> 1.4)
      rails-dom-testing (~> 2.0)
      rails-html-sanitizer (~> 1.0, >= 1.0.3)
    activejob (5.2.7.1)
      activesupport (= 5.2.7.1)
      globalid (>= 0.3.6)
    activemodel (5.2.7.1)
      activesupport (= 5.2.7.1)
    activerecord (5.2.7.1)
      activemodel (= 5.2.7.1)
      activesupport (= 5.2.7.1)
      arel (>= 9.0)
    activestorage (5.2.7.1)
      actionpack (= 5.2.7.1)
      activerecord (= 5.2.7.1)
      marcel (~> 1.0.0)
    activesupport (5.2.7.1)
      concurrent-ruby (~> 1.0, >= 1.0.2)
      i18n (>= 0.7, < 2)
      minitest (~> 5.1)
      tzinfo (~> 1.1)
    addressable (2.8.0)
      public_suffix (>= 2.0.2, < 5.0)
    airbrussh (1.4.0)
      sshkit (>= 1.6.1, != 1.7.0)
    archive-zip (0.12.0)
      io-like (~> 0.3.0)
    arel (9.0.0)
    ast (2.4.2)
    autoprefixer-rails (10.4.7.0)
      execjs (~> 2)
    bcrypt (3.1.17)
    bootstrap-sass (3.4.1)
      autoprefixer-rails (>= 5.2.1)
      sassc (>= 2.0.0)
    bootstrap-wysihtml5-rails (0.3.3.8)
      railties (>= 3.0)
    builder (3.2.4)
    byebug (11.1.3)
    cancancan (3.3.0)
    capistrano (3.17.0)
      airbrussh (>= 1.0.0)
      i18n
      rake (>= 10.0.0)
      sshkit (>= 1.9.0)
    capistrano-bundler (2.0.1)
      capistrano (~> 3.1)
    capistrano-rails (1.6.2)
      capistrano (~> 3.1)
      capistrano-bundler (>= 1.1, < 3)
    capistrano-rvm (0.1.2)
      capistrano (~> 3.0)
      sshkit (~> 1.2)
    capybara (3.35.3)
      addressable
      mini_mime (>= 0.1.3)
      nokogiri (~> 1.8)
      rack (>= 1.6.0)
      rack-test (>= 0.6.3)
      regexp_parser (>= 1.5, < 3.0)
      xpath (~> 3.2)
    childprocess (3.0.0)
    chromedriver-helper (2.1.1)
      archive-zip (~> 0.10)
      nokogiri (~> 1.8)
    coderay (1.1.3)
    coffee-rails (5.0.0)
      coffee-script (>= 2.2.0)
      railties (>= 5.2.0)
    coffee-script (2.4.1)
      coffee-script-source
      execjs
    coffee-script-source (1.12.2)
    concurrent-ruby (1.1.10)
    crack (0.4.5)
      rexml
    crass (1.0.6)
    database_cleaner (2.0.1)
      database_cleaner-active_record (~> 2.0.0)
    database_cleaner-active_record (2.0.1)
      activerecord (>= 5.a)
      database_cleaner-core (~> 2.0.0)
    database_cleaner-core (2.0.1)
    devise (4.8.1)
      bcrypt (~> 3.0)
      orm_adapter (~> 0.1)
      railties (>= 4.1.0)
      responders
      warden (~> 1.2.3)
    diff-lcs (1.5.0)
    docile (1.4.0)
    domain_name (0.5.20190701)
      unf (>= 0.0.5, < 1.0.0)
    draper (3.0.1)
      actionpack (~> 5.0)
      activemodel (~> 5.0)
      activemodel-serializers-xml (~> 1.0)
      activesupport (~> 5.0)
      request_store (~> 1.0)
    erubi (1.10.0)
    execjs (2.8.1)
    factory_girl (4.9.0)
      activesupport (>= 3.0.0)
    factory_girl_rails (4.9.0)
      factory_girl (~> 4.9.0)
      railties (>= 3.0.0)
    faker (2.20.0)
      i18n (>= 1.8.11, < 2)
    ffi (1.15.5)
    friendly_id (5.4.2)
      activerecord (>= 4.0.0)
    globalid (1.0.0)
      activesupport (>= 5.0)
    hashdiff (1.0.1)
    headless (2.3.1)
    hpricot (0.8.6)
    html2slim (0.2.0)
      hpricot
    http-accept (1.7.0)
    http-cookie (1.0.4)
      domain_name (~> 0.5)
    i18n (1.10.0)
      concurrent-ruby (~> 1.0)
    io-like (0.3.1)
    jquery-rails (4.4.0)
      rails-dom-testing (>= 1, < 3)
      railties (>= 4.2.0)
      thor (>= 0.14, < 2.0)
    js-routes (2.2.3)
      railties (>= 4)
    kaminari (1.2.2)
      activesupport (>= 4.1.0)
      kaminari-actionview (= 1.2.2)
      kaminari-activerecord (= 1.2.2)
      kaminari-core (= 1.2.2)
    kaminari-actionview (1.2.2)
      actionview
      kaminari-core (= 1.2.2)
    kaminari-activerecord (1.2.2)
      activerecord
      kaminari-core (= 1.2.2)
    kaminari-core (1.2.2)
    kaminari-i18n (0.5.0)
      kaminari
      rails
    loofah (2.17.0)
      crass (~> 1.0.2)
      nokogiri (>= 1.5.9)
    mail (2.7.1)
      mini_mime (>= 0.1.1)
    marcel (1.0.2)
    method_source (1.0.0)
    mime-types (3.4.1)
      mime-types-data (~> 3.2015)
    mime-types-data (3.2022.0105)
    mini_mime (1.1.2)
    mini_portile2 (2.6.1)
    minitest (5.15.0)
    net-scp (3.0.0)
      net-ssh (>= 2.6.5, < 7.0.0)
    net-ssh (6.1.0)
    netrc (0.11.0)
    nio4r (2.5.8)
    nokogiri (1.12.5)
      mini_portile2 (~> 2.6.1)
      racc (~> 1.4)
    nprogress-rails (0.2.0.2)
    orm_adapter (0.5.0)
    parallel (1.22.1)
    parser (3.1.2.0)
      ast (~> 2.4.1)
    pg (1.3.5)
    pry (0.14.1)
      coderay (~> 1.1)
      method_source (~> 1.0)
    pry-rails (0.3.9)
      pry (>= 0.10.4)
    public_suffix (4.0.7)
    puma (5.6.4)
      nio4r (~> 2.0)
    racc (1.6.0)
    rack (2.2.3)
    rack-test (1.1.0)
      rack (>= 1.0, < 3)
    rails (5.2.7.1)
      actioncable (= 5.2.7.1)
      actionmailer (= 5.2.7.1)
      actionpack (= 5.2.7.1)
      actionview (= 5.2.7.1)
      activejob (= 5.2.7.1)
      activemodel (= 5.2.7.1)
      activerecord (= 5.2.7.1)
      activestorage (= 5.2.7.1)
      activesupport (= 5.2.7.1)
      bundler (>= 1.3.0)
      railties (= 5.2.7.1)
      sprockets-rails (>= 2.0.0)
    rails-dom-testing (2.0.3)
      activesupport (>= 4.2.0)
      nokogiri (>= 1.6)
    rails-html-sanitizer (1.4.2)
      loofah (~> 2.3)
    rails-i18n (5.1.3)
      i18n (>= 0.7, < 2)
      railties (>= 5.0, < 6)
    rails_layout (1.0.42)
    railties (5.2.7.1)
      actionpack (= 5.2.7.1)
      activesupport (= 5.2.7.1)
      method_source
      rake (>= 0.8.7)
      thor (>= 0.19.0, < 2.0)
    rainbow (3.1.1)
    rake (13.0.6)
    redis (4.6.0)
    redis-actionpack (5.3.0)
      actionpack (>= 5, < 8)
      redis-rack (>= 2.1.0, < 3)
      redis-store (>= 1.1.0, < 2)
    redis-activesupport (5.3.0)
      activesupport (>= 3, < 8)
      redis-store (>= 1.3, < 2)
    redis-rack (2.1.4)
      rack (>= 2.0.8, < 3)
      redis-store (>= 1.2, < 2)
    redis-rails (5.0.2)
      redis-actionpack (>= 5.0, < 6)
      redis-activesupport (>= 5.0, < 6)
      redis-store (>= 1.2, < 2)
    redis-store (1.9.1)
      redis (>= 4, < 5)
    regexp_parser (2.3.1)
    request_store (1.5.1)
      rack (>= 1.4)
    responders (3.0.1)
      actionpack (>= 5.0)
      railties (>= 5.0)
    rest-client (2.1.0)
      http-accept (>= 1.7.0, < 2.0)
      http-cookie (>= 1.0.2, < 2.0)
      mime-types (>= 1.16, < 4.0)
      netrc (~> 0.8)
    rexml (3.2.5)
    rspec-core (3.11.0)
      rspec-support (~> 3.11.0)
    rspec-expectations (3.11.0)
      diff-lcs (>= 1.2.0, < 2.0)
      rspec-support (~> 3.11.0)
    rspec-mocks (3.11.1)
      diff-lcs (>= 1.2.0, < 2.0)
      rspec-support (~> 3.11.0)
    rspec-rails (5.1.2)
      actionpack (>= 5.2)
      activesupport (>= 5.2)
      railties (>= 5.2)
      rspec-core (~> 3.10)
      rspec-expectations (~> 3.10)
      rspec-mocks (~> 3.10)
      rspec-support (~> 3.10)
    rspec-support (3.11.0)
    rubocop (1.28.2)
      parallel (~> 1.10)
      parser (>= 3.1.0.0)
      rainbow (>= 2.2.2, < 4.0)
      regexp_parser (>= 1.8, < 3.0)
      rexml
      rubocop-ast (>= 1.17.0, < 2.0)
      ruby-progressbar (~> 1.7)
      unicode-display_width (>= 1.4.0, < 3.0)
    rubocop-ast (1.17.0)
      parser (>= 3.1.1.0)
    ruby-progressbar (1.11.0)
    rubyzip (2.3.2)
    sassc (2.4.0)
      ffi (~> 1.9)
    sassc-rails (2.1.2)
      railties (>= 4.0.0)
      sassc (>= 2.0)
      sprockets (> 3.0)
      sprockets-rails
      tilt
    selenium-webdriver (3.142.7)
      childprocess (>= 0.5, < 4.0)
      rubyzip (>= 1.2.2)
    shoulda-matchers (4.5.1)
      activesupport (>= 4.2.0)
    simple_form (5.1.0)
      actionpack (>= 5.2)
      activemodel (>= 5.2)
    simplecov (0.21.2)
      docile (~> 1.1)
      simplecov-html (~> 0.11)
      simplecov_json_formatter (~> 0.1)
    simplecov-html (0.12.3)
    simplecov_json_formatter (0.1.4)
    site_prism (3.7.3)
      addressable (~> 2.6)
      capybara (~> 3.15)
      site_prism-all_there (>= 0.3.1, < 1.0)
    site_prism-all_there (0.3.2)
    slim (4.1.0)
      temple (>= 0.7.6, < 0.9)
      tilt (>= 2.0.6, < 2.1)
    slim-rails (3.4.0)
      actionpack (>= 3.1)
      railties (>= 3.1)
      slim (>= 3.0, < 5.0)
    spring (3.1.1)
    spring-commands-rspec (1.0.4)
      spring (>= 0.9.1)
    sprockets (4.0.3)
      concurrent-ruby (~> 1.0)
      rack (> 1, < 3)
    sprockets-rails (3.4.2)
      actionpack (>= 5.2)
      activesupport (>= 5.2)
      sprockets (>= 3.0.0)
    sshkit (1.21.2)
      net-scp (>= 1.1.2)
      net-ssh (>= 2.8.0)
    temple (0.8.2)
    thor (1.2.1)
    thread_safe (0.3.6)
    tilt (2.0.10)
    truncate_html (0.9.3)
    turbolinks (5.2.1)
      turbolinks-source (~> 5.2)
    turbolinks-source (5.2.0)
    tzinfo (1.2.9)
      thread_safe (~> 0.1)
    uglifier (4.2.0)
      execjs (>= 0.3.0, < 3)
    unf (0.1.4)
      unf_ext
    unf_ext (0.0.8.1)
    unicode-display_width (2.1.0)
    warden (1.2.9)
      rack (>= 2.0.9)
    webmock (3.14.0)
      addressable (>= 2.8.0)
      crack (>= 0.3.2)
      hashdiff (>= 0.4.0, < 2.0.0)
    websocket-driver (0.7.5)
      websocket-extensions (>= 0.1.0)
    websocket-extensions (0.1.5)
    xpath (3.2.0)
      nokogiri (~> 1.8)

PLATFORMS
  ruby

DEPENDENCIES
  activemodel-serializers-xml!
  bootstrap-sass
  bootstrap-wysihtml5-rails
  byebug
  cancancan
  capistrano
  capistrano-rails
  capistrano-rvm
  capybara
  chromedriver-helper
  coffee-rails
  database_cleaner
  devise
  draper (~> 3.0.0.pre1)
  execjs
  factory_girl_rails
  faker
  friendly_id
  headless
  html2slim
  jquery-rails
  js-routes
  kaminari
  kaminari-i18n
  nprogress-rails
  pg
  pry-rails
  puma
  rails (~> 5.1)
  rails-i18n
  rails_layout
  redis-rails
  rest-client
  rspec-rails
  rubocop
  sassc-rails
  selenium-webdriver
  shoulda-matchers
  simple_form
  simplecov
  site_prism
  slim-rails
  spring
  spring-commands-rspec
  truncate_html
  turbolinks
  uglifier
  webmock

BUNDLED WITH
   1.17.3
